GEM
  remote: https://rubygems.org/
  specs:
    nokogiri (1.13.8-x86_64-linux)
      racc (~> 1.4)
    racc (1.6.0)

PLATFORMS
  x86_64-linux

DEPENDENCIES
  nokogiri

RUBY VERSION
   ruby 2.7.4p191

BUNDLED WITH
   2.3.23
